##TITLE= Parameter file, TOPSPIN		Version 3.1PV
##JCAMPDX= 5.0
##DATATYPE= Parameter Values
##NPOINTS= 10	$$ modification sequence number
##ORIGIN= Bruker BioSpin MRI GmbH
##OWNER= cq
$$ 2017-01-19 17:44:39.159 +0100  nmrsu@DOJO
$$ /opt/PV6.0.1/conf/instr/specttemp/specpar
$$ process /opt/PV6.0.1/prog/mod/cprserver
##$BF1= 300.35
##$BF2= 300.35
##$BF3= 300.35
##$HPMOD= 0 0 1 0 0 0 0 0
##$HPPRECH= (0..15)
-1 0 1 -1 -1 -1 -1 -1 -1 -1 -1 -1 -1 -1 -1 -1
##$NUC1= <20>
##$NUC2= <1>
##$NUC3= <0>
##$NUC4= <0>
##$NUC5= <0>
##$NUC6= <0>
##$NUC7= <0>
##$NUC8= <0>
##$NUCARR= 300.35 46.105554 320.365246 228.804939 44.199764 116.727414 42.20462 
32.268577 96.364216 75.523068 21.696939 30.434201 40.716819 282.611362 
23.710518 79.448282 18.386331 78.261776 59.671096 121.583909 23.054866 
29.42802 24.49572 14.015451 7.69288 20.213642 72.960262 16.932333 16.936848 
29.945823 79.000904 16.977272 74.454416 9.724666 71.264267 26.839429 
79.639223 85.310492 18.792308 72.088067 91.59685 10.477154 51.427771 
57.281289 15.671428 75.249629 81.114077 11.556267 28.998621 98.275884 
13.016634 14.717745 27.921431 73.514177 19.573587 19.984373 67.603757 
13.831571 15.502172 9.570494 13.744316 12.157624 13.976886 63.720694 
66.657201 65.673795 65.814581 98.270763 107.02149 112.002413 71.875488 
38.923008 78.60082 94.759731 60.092484 83.527894 24.760617 39.394332 
29.838142 33.377679 39.62908 42.426363 91.96717 16.369075 10.09176 12.524595 
10.33204 74.66701 32.97843 9.220745 12.104105 72.20414 10.33204 14.47687 
64.09469 8.65008 24.899015 52.559166 14.479874 34.251914 24.421459 12.035025 
7.55981 36.010764 12.513743 67.652636 68.334431 6.854981 23.323379 5.160013 
5.619549 64.565591 5.193052 53.795154 19.85789 171.569531 173.253407 
62.835019 48.264107 5.530645 100 100 100 100
##$OFFSF= -35893.4 0 0 0 0 0 0 0
##$OFFSH= 1854.8 0 0 0 0 0 0 0
##$OFFSX= -6079.6 0 0 0 0 0 0 0
##$PRECHAN= (0..15)
-1 -1 2 -1 -1 -1 -1 -1 -1 -1 -1 -1 -1 -1 -1 -1
##$RECPRE= (0..15)
-1 0 1 -1 -1 -1 -1 -1 -1 -1 -1 -1 -1 -1 -1 -1
##$RECSEL= (0..15)
0 1 2 0 0 0 0 0 0 0 0 0 0 0 0 0
##$SELREC= (0..9)
0 0 0 0 0 0 0 0 0 0
##$SFO1= 121.577829
##$SFO2= 300.351855
##$SFO3= 300.35
##$SFO4= 300.35
##$SFO5= 300.35
##$SFO6= 300.35
##$SFO7= 300.35
##$SFO8= 300.35
##END=
